GEM
  remote: http://rubygems.org/
  specs:
    addressable (2.4.0)
    aws-sdk (1.40.0)
      json (~> 1.4)
      nokogiri (>= 1.4.4)
    blankslate (2.1.2.4)
    capistrano (2.15.9)
      highline
      net-scp (>= 1.0.0)
      net-sftp (>= 2.0.0)
      net-ssh (>= 2.0.14)
      net-ssh-gateway (>= 1.1.0)
    celluloid (0.16.0)
      timers (~> 4.0.0)
    classifier (1.3.4)
      fast-stemmer (>= 1.0.0)
    coffee-script (2.4.1)
      coffee-script-source
      execjs
    coffee-script-source (1.11.1)
    colorator (0.1)
    colored (1.2)
    commonjs (0.2.7)
    configure-s3-website (1.7.1)
      deep_merge (= 1.0.0)
    deep_merge (1.0.0)
    dotenv (1.0.2)
    execjs (2.7.0)
    faraday (0.14.0)
      multipart-post (>= 1.2, < 3)
    faraday_middleware (0.12.2)
      faraday (>= 0.7.4, < 1.0)
    fast-stemmer (1.0.2)
    ffi (1.9.23-x64-mingw32)
    haml (5.0.4)
      temple (>= 0.8.0)
      tilt
    highline (1.7.10)
    hitimes (1.2.6)
    htmlentities (4.3.4)
    indextank (1.0.13)
      faraday_middleware (>= 0.9.0)
      yajl-ruby (>= 0.7.7)
    japr (0.3.2)
      jekyll (~> 2.0)
      liquid (~> 2.4)
    jekyll (2.2.0)
      classifier (~> 1.3)
      colorator (~> 0.1)
      jekyll-coffeescript (~> 1.0)
      jekyll-gist (~> 1.0)
      jekyll-paginate (~> 1.0)
      jekyll-sass-converter (~> 1.0)
      jekyll-watch (~> 1.0)
      kramdown (~> 1.3)
      liquid (~> 2.6.1)
      mercenary (~> 0.3.3)
      pygments.rb (~> 0.6.0)
      redcarpet (~> 3.1)
      safe_yaml (~> 1.0)
      toml (~> 0.1.0)
    jekyll-coffeescript (1.1.1)
      coffee-script (~> 2.2)
      coffee-script-source (~> 1.11.1)
    jekyll-gist (1.5.0)
      octokit (~> 4.2)
    jekyll-paginate (1.1.0)
    jekyll-sass-converter (1.5.2)
      sass (~> 3.4)
    jekyll-sitemap (0.11.0)
      addressable (~> 2.4.0)
    jekyll-watch (1.2.1)
      listen (~> 2.7)
    jmespath (1.1.3)
    json (1.8.6)
    kramdown (1.16.2)
    less (2.6.0)
      commonjs (~> 0.2.7)
    liquid (2.6.3)
    listen (2.10.1)
      celluloid (~> 0.16.0)
      rb-fsevent (>= 0.9.3)
      rb-inotify (>= 0.9)
    mercenary (0.3.6)
    mime-types (3.1)
      mime-types-data (~> 3.2015)
    mime-types-data (3.2016.0521)
    mini_portile2 (2.3.0)
    multipart-post (2.0.0)
    net-scp (1.2.1)
      net-ssh (>= 2.6.5)
    net-sftp (2.1.2)
      net-ssh (>= 2.6.5)
    net-ssh (4.2.0)
    net-ssh-gateway (2.0.0)
      net-ssh (>= 4.0.0)
    nio4r (1.1.1)
    nokogiri (1.8.2-x64-mingw32)
      mini_portile2 (~> 2.3.0)
    octokit (4.8.0)
      sawyer (~> 0.8.0, >= 0.5.3)
    parslet (1.5.0)
      blankslate (~> 2.0)
    posix-spawn (0.3.13)
    pygments.rb (0.6.3)
      posix-spawn (~> 0.3.6)
      yajl-ruby (~> 1.2.0)
    rack (2.0.4)
    rake (12.3.1)
    rb-fsevent (0.10.3)
    rb-inotify (0.9.10)
      ffi (>= 0.5.0, < 2)
    rdiscount (2.2.0.1)
    redcarpet (3.4.0)
    rubypants (0.7.0)
    s3-static-site (0.3.0)
      aws-sdk
      capistrano
      haml
      mime-types
    s3_website (2.10.0)
      colored (= 1.2)
      configure-s3-website (= 1.7.1)
      dotenv (~> 1.0)
      thor (~> 0.18)
    safe_yaml (1.0.4)
    sass (3.5.6)
      sass-listen (~> 4.0.0)
    sass-listen (4.0.0)
      rb-fsevent (~> 0.9, >= 0.9.4)
      rb-inotify (~> 0.9, >= 0.9.7)
    sawyer (0.8.1)
      addressable (>= 2.3.5, < 2.6)
      faraday (~> 0.8, < 1.0)
    simple-cloudfront-invalidator (1.1.0)
      colored (= 1.2)
    temple (0.8.0)
    thor (0.20.0)
    tilt (2.0.8)
    timers (4.0.4)
      hitimes
    toml (0.1.2)
      parslet (~> 1.5.0)
    yajl-ruby (1.2.3)
    yui-compressor (0.12.0)

PLATFORMS
  x64-mingw32

DEPENDENCIES
  aws-sdk (= 1.40.0)
  blankslate (= 2.1.2.4)
  capistrano (~> 2.15)
  haml
  htmlentities
  indextank
  japr (>= 0.3)
  jekyll (= 2.2.0)
  jekyll-sitemap
  jekyll-watch (= 1.2.1)
  jmespath (= 1.1.3)
  less
  nio4r (= 1.1.1)
  rack
  rake (>= 12.3.0)
  rdiscount
  rubypants
  s3-static-site
  s3_website (= 2.10.0)
  simple-cloudfront-invalidator
  yui-compressor

RUBY VERSION
   ruby 2.3.3p222

BUNDLED WITH
   1.15.4
